PATH
  remote: .
  specs:
    sfcc (0.1.1)

GEM
  remote: http://rubygems.org/
  specs:
    mocha (0.9.8)
      rake
    rake (0.8.7)
    rake-compiler (0.7.0)
      rake (>= 0.8.3, < 0.9)
    shoulda (2.10.3)
    yard (0.5.8)

PLATFORMS
  ruby

DEPENDENCIES
  mocha (>= 0.9)
  rake-compiler
  sfcc!
  shoulda
  yard (>= 0.5)
